GIT
  remote: git://github.com/rom-rb/rom-sql.git
  revision: 3f7d8792f9cf9fa085c6764a418bf75dc4c76340
  branch: master
  specs:
    rom-sql (0.5.1)
      equalizer (~> 0.0, >= 0.0.9)
      rom (~> 0.8, >= 0.8.0)
      sequel (~> 4.18)

GIT
  remote: git://github.com/rom-rb/rom.git
  revision: 656b4ddea21cafb1a8fc6f6d47daf3f1507e03a8
  branch: master
  specs:
    rom (0.8.0)
      equalizer (~> 0.0, >= 0.0.9)
      transproc (~> 0.2, >= 0.2.3)

GEM
  remote: https://rubygems.org/
  specs:
    axiom-types (0.1.1)
      descendants_tracker (~> 0.0.4)
      ice_nine (~> 0.11.0)
      thread_safe (~> 0.3, >= 0.3.1)
    coercible (1.0.0)
      descendants_tracker (~> 0.0.1)
    descendants_tracker (0.0.4)
      thread_safe (~> 0.3, >= 0.3.1)
    equalizer (0.0.11)
    ice_nine (0.11.1)
    inflecto (0.0.2)
    pg (0.18.2)
    sequel (4.23.0)
    thread_safe (0.3.5)
    transproc (0.2.3)
    virtus (1.0.5)
      axiom-types (~> 0.1)
      coercible (~> 1.0)
      descendants_tracker (~> 0.0, >= 0.0.3)
      equalizer (~> 0.0, >= 0.0.9)

PLATFORMS
  ruby

DEPENDENCIES
  inflecto
  pg
  rom!
  rom-sql!
  virtus
